GEM
  remote: https://rubygems.org/
  specs:
    atomic (1.1.14)
    dalli (2.7.2)
    dotenv (0.9.0)
    hipchat-api (1.0.5)
      httparty
    httparty (0.13.1)
      json (~> 1.8)
      multi_xml (>= 0.5.2)
    json (1.8.1)
    memcachier (0.0.2)
    multi_xml (0.5.5)
    rake (10.4.2)
    rufus-scheduler (2.0.24)
      tzinfo (>= 0.3.22)
    thread_safe (0.1.3)
      atomic
    tzinfo (1.1.0)
      thread_safe (~> 0.1)

PLATFORMS
  ruby

DEPENDENCIES
  dalli
  dotenv
  hipchat-api
  memcachier
  rake
  rufus-scheduler
