GEM
  remote: https://rubygems.org/
  specs:
    activesupport (4.0.2)
      i18n (~> 0.6, >= 0.6.4)
      minitest (~> 4.2)
      multi_json (~> 1.3)
      thread_safe (~> 0.1)
      tzinfo (~> 0.3.37)
    atomic (1.1.14)
    clockwork (0.7.0)
      activesupport
      tzinfo (~> 0.3.35)
    dalli (2.6.2)
    dotenv (0.9.0)
    hipchat-api (1.0.5)
      httparty
    httparty (0.12.0)
      json (~> 1.8)
      multi_xml (>= 0.5.2)
    i18n (0.6.9)
    json (1.8.1)
    memcachier (0.0.2)
    minitest (4.7.5)
    multi_json (1.8.2)
    multi_xml (0.5.5)
    thread_safe (0.1.3)
      atomic
    tzinfo (0.3.38)

PLATFORMS
  ruby

DEPENDENCIES
  clockwork
  dalli
  dotenv
  hipchat-api
  memcachier
