GEM
  remote: https://rubygems.org/
  specs:
    dalli (2.7.6)
    dotenv (2.0.1)
    et-orbi (1.0.2)
      tzinfo
    hipchat-api (1.0.5)
      httparty
    httparty (0.13.1)
      json (~> 1.8)
      multi_xml (>= 0.5.2)
    json (1.8.6)
    memcachier (0.0.2)
    multi_xml (0.5.5)
    rake (10.4.2)
    rufus-scheduler (3.4.0)
      et-orbi (~> 1.0)
    thread_safe (0.3.6)
    tzinfo (1.2.3)
      thread_safe (~> 0.1)

PLATFORMS
  ruby

DEPENDENCIES
  dalli
  dotenv
  hipchat-api
  memcachier
  rake
  rufus-scheduler

RUBY VERSION
   ruby 2.4.1p111

BUNDLED WITH
   1.14.6
